GEM
  remote: http://rubygems.org/
  specs:
    builder (3.0.4)
    rack (1.4.5)
    rdiscount (2.1.7.1)
    toto (0.4.9)
      builder
      rack
      rdiscount

PLATFORMS
  ruby

DEPENDENCIES
  builder
  rack
  rdiscount
  toto
